GEM
  remote: https://rubygems.org/
  specs:
    addressable (2.3.8)
    clipboard (1.1.1)
    ffi (1.9.17-x86-mingw32)
    json (1.8.3)
    mime-types (1.25.1)
    rest-client (1.6.9)
      mime-types (~> 1.16)
    unirest (1.1.2)
      addressable (~> 2.3.5)
      json (~> 1.8.1)
      rest-client (~> 1.6.7)

PLATFORMS
  ruby
  x86-mingw32

DEPENDENCIES
  clipboard
  ffi
  unirest

BUNDLED WITH
   1.13.7
